GEM
  remote: https://rubygems.org/
  specs:
    addressable (2.8.7)
      public_suffix (>= 2.0.2, < 7.0)
    ast (2.4.2)
    childprocess (5.1.0)
      logger (~> 1.5)
    date (3.4.0)
    dotenv (3.1.4)
    json (2.8.2)
    language_server-protocol (3.17.0.3)
    launchy (3.0.1)
      addressable (~> 2.8)
      childprocess (~> 5.0)
    letter_opener (1.10.0)
      launchy (>= 2.2, < 4)
    logger (1.6.1)
    mail (2.8.1)
      mini_mime (>= 0.1.1)
      net-imap
      net-pop
      net-smtp
    mini_mime (1.1.5)
    net-imap (0.4.18)
      date
      net-protocol
    net-pop (0.1.2)
      net-protocol
    net-protocol (0.2.2)
      timeout
    net-smtp (0.5.0)
      net-protocol
    nokogiri (1.16.7-x86_64-linux)
      racc (~> 1.4)
    open-uri (0.5.0)
      stringio
      time
      uri
    parallel (1.26.3)
    parser (3.3.6.0)
      ast (~> 2.4.1)
      racc
    public_suffix (6.0.1)
    racc (1.8.1)
    rainbow (3.1.1)
    regexp_parser (2.9.2)
    robotex (1.0.0)
    rubocop (1.68.0)
      json (~> 2.3)
      language_server-protocol (>= 3.17.0)
      parallel (~> 1.10)
      parser (>= 3.3.0.2)
      rainbow (>= 2.2.2, < 4.0)
      regexp_parser (>= 2.4, < 3.0)
      rubocop-ast (>= 1.32.2, < 2.0)
      ruby-progressbar (~> 1.7)
      unicode-display_width (>= 2.4.0, < 3.0)
    rubocop-ast (1.36.1)
      parser (>= 3.3.1.0)
    ruby-progressbar (1.13.0)
    stringio (3.1.2)
    time (0.4.1)
      date
    timeout (0.4.2)
    unicode-display_width (2.6.0)
    uri (1.0.2)

PLATFORMS
  x86_64-linux

DEPENDENCIES
  dotenv (~> 3.1)
  letter_opener (~> 1.10)
  mail (~> 2.8)
  nokogiri (~> 1.16)
  open-uri (~> 0.5.0)
  robotex (~> 1.0)
  rubocop (~> 1.68)

BUNDLED WITH
   2.3.11
