GEM
  remote: https://rubygems.org/
  specs:
    addressable (2.8.7)
      public_suffix (>= 2.0.2, < 7.0)
    childprocess (5.1.0)
      logger (~> 1.5)
    date (3.4.0)
    dotenv (3.1.4)
    launchy (3.0.1)
      addressable (~> 2.8)
      childprocess (~> 5.0)
    letter_opener (1.10.0)
      launchy (>= 2.2, < 4)
    logger (1.6.1)
    mail (2.8.1)
      mini_mime (>= 0.1.1)
      net-imap
      net-pop
      net-smtp
    mini_mime (1.1.5)
    net-imap (0.4.18)
      date
      net-protocol
    net-pop (0.1.2)
      net-protocol
    net-protocol (0.2.2)
      timeout
    net-smtp (0.5.0)
      net-protocol
    nokogiri (1.16.7-x86_64-linux)
      racc (~> 1.4)
    open-uri (0.5.0)
      stringio
      time
      uri
    public_suffix (6.0.1)
    racc (1.8.1)
    robotex (1.0.0)
    stringio (3.1.2)
    time (0.4.1)
      date
    timeout (0.4.2)
    uri (1.0.2)

PLATFORMS
  x86_64-linux

DEPENDENCIES
  dotenv (~> 3.1)
  letter_opener (~> 1.10)
  mail (~> 2.8)
  nokogiri (~> 1.16)
  open-uri (~> 0.5.0)
  robotex (~> 1.0)

BUNDLED WITH
   2.3.11
